GEM
  remote: https://rubygems.org/
  specs:
    builder (3.1.4)
    chronic (0.9.0)
    excon (0.16.10)
    fog (1.9.0)
      builder
      excon (~> 0.14)
      formatador (~> 0.2.0)
      mime-types
      multi_json (~> 1.0)
      net-scp (~> 1.0.4)
      net-ssh (>= 2.1.3)
      nokogiri (~> 1.5.0)
      ruby-hmac
    formatador (0.2.4)
    haml (4.0.0)
      tilt
    json (1.5.4)
    listen (0.7.2)
    mime-types (1.19)
    multi_json (1.5.0)
    net-scp (1.0.4)
      net-ssh (>= 1.99.1)
    net-ssh (2.6.3)
    nokogiri (1.5.6)
    rack (1.5.2)
    rack-protection (1.3.2)
      rack
    rb-fsevent (0.9.3)
    rerun (0.8.0)
      listen
    ruby-hmac (0.4.0)
    sinatra (1.3.4)
      rack (~> 1.4)
      rack-protection (~> 1.3)
      tilt (~> 1.3, >= 1.3.3)
    tilt (1.3.3)
    user_agent_parser (2.0.0)

PLATFORMS
  ruby

DEPENDENCIES
  chronic
  fog
  haml
  json
  rb-fsevent (~> 0.9.1)
  rerun
  sinatra
  user_agent_parser
