GEM
  remote: https://rubygems.org/
  specs:
    haml (4.0.0)
      tilt
    listen (0.7.2)
    rack (1.5.2)
    rack-protection (1.3.2)
      rack
    rb-fsevent (0.9.3)
    rerun (0.8.0)
      listen
    sinatra (1.3.4)
      rack (~> 1.4)
      rack-protection (~> 1.3)
      tilt (~> 1.3, >= 1.3.3)
    tilt (1.3.3)

PLATFORMS
  ruby

DEPENDENCIES
  haml
  rb-fsevent (~> 0.9.1)
  rerun
  sinatra
